GEM
  remote: https://rubygems.org/
  specs:
    activesupport (3.2.18)
      i18n (~> 0.6, >= 0.6.4)
      multi_json (~> 1.0)
    afmotion (2.1.4)
      motion-cocoapods (~> 1.4.0)
      motion-require (>= 0.1)
    awesome_print_motion (0.1.0)
    bubble-wrap (1.6.0)
      bubble-wrap-http (= 1.6.0)
    bubble-wrap-http (1.6.0)
    claide (0.5.0)
    cocoapods (0.32.1)
      activesupport (>= 3.2.15, < 4)
      claide (~> 0.5.0)
      cocoapods-core (= 0.32.1)
      cocoapods-downloader (~> 0.5.0)
      cocoapods-try (~> 0.2.0)
      colored (~> 1.2)
      escape (~> 0.0.4)
      json_pure (~> 1.8)
      nap (~> 0.7)
      open4 (~> 1.3)
      xcodeproj (~> 0.16.1)
    cocoapods-core (0.32.1)
      activesupport (>= 3.2.15, < 4)
      fuzzy_match (~> 2.0.4)
      json_pure (~> 1.8)
      nap (~> 0.5)
    cocoapods-downloader (0.5.0)
    cocoapods-try (0.2.0)
    colored (1.2)
    dbt (1.1.5)
    escape (0.0.4)
    fuzzy_match (2.0.4)
    i18n (0.6.9)
    json_pure (1.8.1)
    motion-cocoapods (1.4.2)
      cocoapods (>= 0.32.1)
    motion-kit (0.10.8)
      dbt (~> 1.1.5)
    motion-pixatefreestyle (2.1)
      sass
    motion-require (0.2.0)
    multi_json (1.10.1)
    nap (0.7.0)
    open4 (1.3.4)
    ruby_motion_query (0.6.0)
    sass (3.3.8)
    xcodeproj (0.16.1)
      activesupport (~> 3.0)
      colored (~> 1.2)

PLATFORMS
  ruby

DEPENDENCIES
  afmotion
  awesome_print_motion
  bubble-wrap
  motion-kit
  motion-pixatefreestyle
  ruby_motion_query
