GEM
  remote: https://rubygems.org/
  specs:
    awesome_print_motion (0.1.0)
    bubble-wrap (1.6.0)
      bubble-wrap-http (= 1.6.0)
    bubble-wrap-http (1.6.0)
    dbt (1.1.5)
    motion-kit (0.10.8)
      dbt (~> 1.1.5)
    motion-pixatefreestyle (2.1)
      sass
    ruby_motion_query (0.6.0)
    sass (3.3.8)

PLATFORMS
  ruby

DEPENDENCIES
  awesome_print_motion
  bubble-wrap
  motion-kit
  motion-pixatefreestyle
  ruby_motion_query
